PATH
  remote: .
  specs:
    harvest_automatic (0.1.0)
      harvested (~> 3.1.1)
      highline (~> 1.7.8)
      json (~> 1.8.3)

GEM
  remote: https://rubygems.org/
  specs:
    diff-lcs (1.2.5)
    harvested (3.1.1)
      hashie
      httparty
      json
    hashie (3.4.3)
    highline (1.7.8)
    httparty (0.13.7)
      json (~> 1.8)
      multi_xml (>= 0.5.2)
    json (1.8.3)
    multi_xml (0.5.5)
    rake (10.4.2)
    rspec (3.3.0)
      rspec-core (~> 3.3.0)
      rspec-expectations (~> 3.3.0)
      rspec-mocks (~> 3.3.0)
    rspec-core (3.3.2)
      rspec-support (~> 3.3.0)
    rspec-expectations (3.3.1)
      diff-lcs (>= 1.2.0, < 2.0)
      rspec-support (~> 3.3.0)
    rspec-mocks (3.3.2)
      diff-lcs (>= 1.2.0, < 2.0)
      rspec-support (~> 3.3.0)
    rspec-support (3.3.0)

PLATFORMS
  ruby

DEPENDENCIES
  bundler (~> 1.10)
  harvest_automatic!
  rake (~> 10.0)
  rspec

BUNDLED WITH
   1.10.6
